GEM
  remote: https://rubygems.org/
  specs:
    addressable (2.3.8)
    foreman (0.78.0)
      thor (~> 0.19.1)
    http (0.8.3)
      addressable (~> 2.3)
      http-form_data (~> 1.0.1)
      http_parser.rb (~> 0.6.0)
    http-form_data (1.0.1)
    http_parser.rb (0.6.0)
    rack (1.6.0)
    rack-protection (1.5.3)
      rack
    sinatra (1.4.6)
      rack (~> 1.4)
      rack-protection (~> 1.4)
      tilt (>= 1.3, < 3)
    thor (0.19.1)
    tilt (2.0.1)

PLATFORMS
  ruby

DEPENDENCIES
  foreman
  http
  sinatra
